GEM
  remote: http://rubygems.org/
  specs:
    archive-zip (0.5.0)
      io-like (>= 0.3.0)
    erubis (2.7.0)
    io-like (0.3.0)
    json (1.7.1)
    pkg-config (1.1.3)
    rack (1.4.1)
    rack-protection (1.2.0)
      rack
    redis (2.1.1)
    rroonga (2.1.3)
      archive-zip
      json
      pkg-config
    sinatra (1.3.2)
      rack (~> 1.3, >= 1.3.6)
      rack-protection (~> 1.2)
      tilt (~> 1.3, >= 1.3.3)
    tilt (1.3.3)

PLATFORMS
  ruby

DEPENDENCIES
  erubis
  json
  redis (~> 2.1.0)
  rroonga (~> 2.1.0)
  sinatra
